PATH
  remote: .
  specs:
    cli-github (0.1.0)
      highline (~> 1.7.10)
      thor (~> 0.20.0)

GEM
  remote: https://rubygems.org/
  specs:
    highline (1.7.10)
    rake (10.5.0)
    thor (0.20.0)

PLATFORMS
  ruby

DEPENDENCIES
  bundler (~> 1.12)
  cli-github!
  rake (~> 10.0)

BUNDLED WITH
   1.16.0
